GEM
  remote: https://rubygems.org/
  specs:
    activemodel (4.0.4)
      activesupport (= 4.0.4)
      builder (~> 3.1.0)
    activerecord (4.0.4)
      activemodel (= 4.0.4)
      activerecord-deprecated_finders (~> 1.0.2)
      activesupport (= 4.0.4)
      arel (~> 4.0.0)
    activerecord-deprecated_finders (1.0.3)
    activesupport (4.0.4)
      i18n (~> 0.6, >= 0.6.9)
      minitest (~> 4.2)
      multi_json (~> 1.3)
      thread_safe (~> 0.1)
      tzinfo (~> 0.3.37)
    addressable (2.3.6)
    arel (4.0.2)
    atomic (1.1.16)
    builder (3.1.4)
    docile (1.1.3)
    faraday (0.9.0)
      multipart-post (>= 1.2, < 3)
    haml (4.0.5)
      tilt
    i18n (0.6.9)
    koala (1.9.0)
      addressable
      faraday
      multi_json
    minitest (4.7.5)
    multi_json (1.9.2)
    multipart-post (2.0.0)
    oj (2.7.1)
    pg (0.17.1)
    r18n-core (1.1.9)
    rabl (0.9.3)
      activesupport (>= 2.3.14)
    rack (1.5.2)
    rack-protection (1.5.2)
      rack
    rack-test (0.6.2)
      rack (>= 1.0)
    rake (10.2.2)
    ruby-units (1.4.5)
    simplecov (0.8.2)
      docile (~> 1.1.0)
      multi_json
      simplecov-html (~> 0.8.0)
    simplecov-html (0.8.0)
    sinatra (1.4.4)
      rack (~> 1.4)
      rack-protection (~> 1.4)
      tilt (~> 1.3, >= 1.3.4)
    sinatra-r18n (1.1.9)
      r18n-core (= 1.1.9)
      sinatra (>= 1.3)
    sqlite3 (1.3.9)
    tactful_tokenizer (0.0.2)
    test-unit (2.5.5)
    thread_safe (0.3.1)
      atomic (>= 1.1.7, < 2)
    tilt (1.4.1)
    tzinfo (0.3.39)
    unicode (0.4.4.1)
    unicode_utils (1.4.0)

PLATFORMS
  ruby

DEPENDENCIES
  activerecord
  haml
  koala
  oj
  pg
  rabl
  rack-test
  rake
  ruby-units
  simplecov
  sinatra
  sinatra-r18n
  sqlite3
  tactful_tokenizer
  test-unit
  unicode
  unicode_utils
