GEM
  remote: https://rubygems.org/
  specs:
    activemodel (3.2.11)
      activesupport (= 3.2.11)
      builder (~> 3.0.0)
    activerecord (3.2.11)
      activemodel (= 3.2.11)
      activesupport (= 3.2.11)
      arel (~> 3.0.2)
      tzinfo (~> 0.3.29)
    activesupport (3.2.11)
      i18n (~> 0.6)
      multi_json (~> 1.0)
    addressable (2.3.2)
    archive-tar-minitar (0.5.2)
    arel (3.0.2)
    builder (3.0.4)
    columnize (0.3.6)
    faraday (0.8.5)
      multipart-post (~> 1.1)
    haml (3.1.7)
    i18n (0.6.1)
    koala (1.6.0)
      addressable (~> 2.2)
      faraday (~> 0.8)
      multi_json (~> 1.3)
    linecache19 (0.5.12)
      ruby_core_source (>= 0.1.4)
    multi_json (1.5.0)
    multipart-post (1.1.5)
    oj (2.0.3)
    pg (0.14.1)
    r18n-core (1.1.3)
    rabl (0.7.9)
      activesupport (>= 2.3.14)
      multi_json (~> 1.0)
    rack (1.5.1)
    rack-protection (1.3.2)
      rack
    rack-test (0.6.2)
      rack (>= 1.0)
    rake (10.0.3)
    ruby-debug-base19 (0.11.25)
      columnize (>= 0.3.1)
      linecache19 (>= 0.5.11)
      ruby_core_source (>= 0.1.4)
    ruby-debug19 (0.11.6)
      columnize (>= 0.3.1)
      linecache19 (>= 0.5.11)
      ruby-debug-base19 (>= 0.11.19)
    ruby-units (1.4.2)
    ruby_core_source (0.1.5)
      archive-tar-minitar (>= 0.5.2)
    simplecov (0.7.1)
      multi_json (~> 1.0)
      simplecov-html (~> 0.7.1)
    simplecov-html (0.7.1)
    sinatra (1.3.4)
      rack (~> 1.4)
      rack-protection (~> 1.3)
      tilt (~> 1.3, >= 1.3.3)
    sinatra-r18n (1.1.3)
      r18n-core (= 1.1.3)
      sinatra (>= 1.3)
    sqlite3 (1.3.7)
    test-unit (2.5.4)
    tilt (1.3.3)
    tzinfo (0.3.35)
    unicode (0.4.3.1)
    unicode_utils (1.4.0)

PLATFORMS
  ruby

DEPENDENCIES
  activerecord
  haml
  koala
  oj
  pg
  rabl
  rack-test
  rake
  ruby-debug19
  ruby-units
  simplecov
  sinatra
  sinatra-r18n
  sqlite3
  test-unit
  unicode
  unicode_utils
